GEM
  remote: http://rubygems.org/
  specs:
    cgi_multipart_eof_fix (2.5.0)
    gem_plugin (0.2.3)
    mongrel (1.1.5-x86-mingw32)
      cgi_multipart_eof_fix (>= 2.4)
      gem_plugin (>= 0.2.3)
    rack (1.4.1)

PLATFORMS
  x86-mingw32

DEPENDENCIES
  mongrel
  rack
